GEM
  remote: http://rubygems.org/
  specs:
    cinch (1.1.1)

PLATFORMS
  ruby

DEPENDENCIES
  cinch
